GEM
  remote: https://rubygems.org/
  specs:
    jekyll-paginate (1.1.0)
    kramdown (1.11.1)
    redcarpet (3.3.4)
    rouge (1.10.1)

PLATFORMS
  ruby

DEPENDENCIES
  jekyll-paginate
  kramdown
  redcarpet
  rouge

BUNDLED WITH
   1.12.5
